GEM
  remote: https://rubygems.org/
  specs:
    puma (3.8.2)
    rack (1.6.5)
    rack-protection (1.5.3)
      rack
    sequel (4.45.0)
    sinatra (1.4.8)
      rack (~> 1.5)
      rack-protection (~> 1.4)
      tilt (>= 1.3, < 3)
    sqlite3 (1.3.13)
    tilt (2.0.7)

PLATFORMS
  ruby

DEPENDENCIES
  puma
  sequel
  sinatra
  sqlite3

RUBY VERSION
   ruby 2.4.1p111

BUNDLED WITH
   1.14.6
